GEM
  specs:
    haml (3.1.3)
    json (1.6.1)
    rack (1.3.4)
    sequel (3.28.0)
    sinatra (1.2.6)
      rack (~> 1.1)
      tilt (< 2.0, >= 1.2.2)
    tilt (1.3.3)
    tiny_tds (0.4.5)

PLATFORMS
  ruby

DEPENDENCIES
  haml
  json
  sequel
  sinatra
  tiny_tds
